PATH
  remote: .
  specs:
    kronic (0.4)

GEM
  remote: http://rubygems.org/
  specs:
    activesupport (3.0.0)
    diff-lcs (1.1.2)
    johnson (1.2.0)
    rspec (2.0.0.beta.22)
      rspec-core (= 2.0.0.beta.22)
      rspec-expectations (= 2.0.0.beta.22)
      rspec-mocks (= 2.0.0.beta.22)
    rspec-core (2.0.0.beta.22)
    rspec-expectations (2.0.0.beta.22)
      diff-lcs (>= 1.1.2)
    rspec-mocks (2.0.0.beta.22)
      rspec-core (= 2.0.0.beta.22)
      rspec-expectations (= 2.0.0.beta.22)
    timecop (0.3.5)
    tzinfo (0.3.23)

PLATFORMS
  java
  ruby

DEPENDENCIES
  activesupport
  johnson
  kronic!
  rspec (>= 2.0.0.beta.16)
  timecop
  tzinfo
